GEM
  remote: https://rubygems.org/
  specs:
    aws-sdk (2.1.7)
      aws-sdk-resources (= 2.1.7)
    aws-sdk-core (2.1.7)
      jmespath (~> 1.0)
    aws-sdk-resources (2.1.7)
      aws-sdk-core (= 2.1.7)
    aws-sdk-v1 (1.57.0)
      json (~> 1.4)
      nokogiri (>= 1.4.4)
    jmespath (1.0.2)
      multi_json (~> 1.0)
    json (1.8.1)
    json (1.8.1-java)
    mini_portile (0.6.2)
    multi_json (1.11.2)
    nokogiri (1.6.4)
      mini_portile (~> 0.6.0)
    nokogiri (1.6.4-java)
    rake (10.3.2)

PLATFORMS
  java
  ruby

DEPENDENCIES
  aws-sdk (~> 2)
  aws-sdk-v1
  rake

BUNDLED WITH
   1.10.5
